GEM
  remote: https://rubygems.org/
  specs:
    rack (2.0.4)
    toxiproxy (1.0.2)

PLATFORMS
  ruby

DEPENDENCIES
  rack
  toxiproxy

BUNDLED WITH
   1.16.1
